GEM
  remote: https://rubygems.org/
  specs:
    foreman (0.83.0)
      thor (~> 0.19.1)
    sass (3.4.23)
    thor (0.19.4)

PLATFORMS
  ruby

DEPENDENCIES
  foreman (~> 0.83.0)
  sass (~> 3.4, >= 3.4.22)

BUNDLED WITH
   1.13.6
